GEM
  remote: https://rubygems.org/
  specs:
    activesupport (5.2.8.1)
      concurrent-ruby (~> 1.0, >= 1.0.2)
      i18n (>= 0.7, < 2)
      minitest (~> 5.1)
      tzinfo (~> 1.1)
    addressable (2.8.1)
      public_suffix (>= 2.0.2, < 6.0)
    aws-eventstream (1.2.0)
    aws-sigv4 (1.2.4)
      aws-eventstream (~> 1, >= 1.0.2)
    builder (3.2.4)
    byebug (11.1.3)
    concurrent-ruby (1.1.10)
    cookiejar (0.3.3)
    countries (1.2.2)
      currencies (~> 0.4.2)
      i18n_data (~> 0.7.0)
    crack (0.4.5)
      rexml
    crass (1.0.6)
    currencies (0.4.2)
    diff-lcs (1.5.0)
    domain_name (0.5.20190701)
      unf (>= 0.0.5, < 1.0.0)
    em-http-request (1.1.7)
      addressable (>= 2.3.4)
      cookiejar (!= 0.3.1)
      em-socksify (>= 0.3)
      eventmachine (>= 1.0.3)
      http_parser.rb (>= 0.6.0)
    em-socksify (0.3.2)
      eventmachine (>= 1.0.0.beta.4)
    eventmachine (1.2.7)
    faraday (2.5.2)
      faraday-net_http (>= 2.0, < 3.1)
      ruby2_keywords (>= 0.0.4)
    faraday-net_http (3.0.0)
    gyoku (1.3.1)
      builder (>= 2.1.2)
    hashdiff (1.0.1)
    http-cookie (1.0.5)
      domain_name (~> 0.5)
    http_parser.rb (0.8.0)
    i18n (0.9.5)
      concurrent-ruby (~> 1.0)
    i18n_data (0.7.0)
    jwt (1.5.6)
    launchy (2.5.0)
      addressable (~> 2.7)
    loofah (2.16.0)
      crass (~> 1.0.2)
      nokogiri (>= 1.5.9)
    mime-types (3.4.1)
      mime-types-data (~> 3.2015)
    mime-types-data (3.2022.0105)
    mini_portile2 (2.4.0)
    minitest (5.16.3)
    multi_json (1.15.0)
    multi_xml (0.6.0)
    net-http-digest_auth (1.4)
    netrc (0.11.0)
    nokogiri (1.10.10)
      mini_portile2 (~> 2.4.0)
    oauth2 (1.4.11)
      faraday (>= 0.17.3, < 3.0)
      jwt (>= 1.0, < 3.0)
      multi_json (~> 1.3)
      multi_xml (~> 0.5)
      rack (>= 1.2, < 4)
    public_suffix (5.0.0)
    rack (2.2.4)
    rest-client (2.0.2)
      http-cookie (>= 1.0.2, < 2.0)
      mime-types (>= 1.16, < 4.0)
      netrc (~> 0.8)
    rexml (3.2.5)
    rspec (3.11.0)
      rspec-core (~> 3.11.0)
      rspec-expectations (~> 3.11.0)
      rspec-mocks (~> 3.11.0)
    rspec-core (3.11.0)
      rspec-support (~> 3.11.0)
    rspec-expectations (3.11.1)
      diff-lcs (>= 1.2.0, < 2.0)
      rspec-support (~> 3.11.0)
    rspec-mocks (3.11.1)
      diff-lcs (>= 1.2.0, < 2.0)
      rspec-support (~> 3.11.0)
    rspec-support (3.11.1)
    ruby-progressbar (1.11.0)
    ruby2_keywords (0.0.5)
    ruby_rncryptor (3.0.2)
    rubyzip (2.3.2)
    sorbet-runtime (0.5.10439)
    thor (1.2.1)
    thread_safe (0.3.6)
    timecop (0.9.5)
    tzinfo (1.2.10)
      thread_safe (~> 0.1)
    unf (0.1.4)
      unf_ext
    unf_ext (0.0.8.2)
    vcr (6.1.0)
    webmock (3.18.1)
      addressable (>= 2.8.0)
      crack (>= 0.3.2)
      hashdiff (>= 0.4.0, < 2.0.0)
    webrick (1.7.0)
    workato-connector-sdk (1.0.2)
      activesupport (~> 5.2)
      aws-sigv4 (= 1.2.4)
      countries (= 1.2.2)
      currencies (= 0.4.2)
      em-http-request (~> 1.0)
      gyoku (= 1.3.1)
      i18n (= 0.9.5)
      jwt (= 1.5.6)
      launchy (~> 2.0)
      loofah (= 2.16.0)
      net-http-digest_auth (= 1.4.0)
      nokogiri (= 1.10.10)
      oauth2 (~> 1.0)
      rack (~> 2.0)
      rest-client (= 2.0.2)
      ruby-progressbar (~> 1.0)
      ruby_rncryptor (~> 3.0)
      rubyzip (~> 2.3)
      sorbet-runtime (~> 0.5)
      thor (~> 1.0)
      webrick (~> 1.0)

PLATFORMS
  ruby

DEPENDENCIES
  byebug
  rspec
  timecop
  tzinfo-data
  vcr
  webmock
  workato-connector-sdk

BUNDLED WITH
   1.17.2
