GEM
  remote: https://rubygems.org/
  specs:
    activesupport (5.2.8.1)
      concurrent-ruby (~> 1.0, >= 1.0.2)
      i18n (>= 0.7, < 2)
      minitest (~> 5.1)
      tzinfo (~> 1.1)
    addressable (2.8.4)
      public_suffix (>= 2.0.2, < 6.0)
    aws-eventstream (1.2.0)
    aws-sigv4 (1.2.4)
      aws-eventstream (~> 1, >= 1.0.2)
    builder (3.2.4)
    byebug (11.1.3)
    charlock_holmes (0.7.7)
    concurrent-ruby (1.2.2)
    cookiejar (0.3.3)
    crack (0.4.5)
      rexml
    crass (1.0.6)
    diff-lcs (1.5.0)
    domain_name (0.5.20190701)
      unf (>= 0.0.5, < 1.0.0)
    em-http-request (1.1.7)
      addressable (>= 2.3.4)
      cookiejar (!= 0.3.1)
      em-socksify (>= 0.3)
      eventmachine (>= 1.0.3)
      http_parser.rb (>= 0.6.0)
    em-socksify (0.3.2)
      eventmachine (>= 1.0.0.beta.4)
    eventmachine (1.2.7)
    gyoku (1.3.1)
      builder (>= 2.1.2)
    hashdiff (1.0.1)
    http-accept (1.7.0)
    http-cookie (1.0.5)
      domain_name (~> 0.5)
    http_parser.rb (0.8.0)
    i18n (0.9.5)
      concurrent-ruby (~> 1.0)
    jwt (1.5.6)
    launchy (2.5.2)
      addressable (~> 2.8)
    loofah (2.20.0)
      crass (~> 1.0.2)
      nokogiri (>= 1.5.9)
    mime-types (3.4.1)
      mime-types-data (~> 3.2015)
    mime-types-data (3.2023.0218.1)
    mini_portile2 (2.8.1)
    minitest (5.18.0)
    net-http-digest_auth (1.4)
    netrc (0.11.0)
    nokogiri (1.14.3)
      mini_portile2 (~> 2.8.0)
      racc (~> 1.4)
    public_suffix (5.0.1)
    racc (1.6.2)
    rack (2.2.8.1)
    rails-html-sanitizer (1.4.4)
      loofah (~> 2.19, >= 2.19.1)
    rest-client (2.1.0)
      http-accept (>= 1.7.0, < 2.0)
      http-cookie (>= 1.0.2, < 2.0)
      mime-types (>= 1.16, < 4.0)
      netrc (~> 0.8)
    rexml (3.2.5)
    rspec (3.12.0)
      rspec-core (~> 3.12.0)
      rspec-expectations (~> 3.12.0)
      rspec-mocks (~> 3.12.0)
    rspec-core (3.12.1)
      rspec-support (~> 3.12.0)
    rspec-expectations (3.12.2)
      diff-lcs (>= 1.2.0, < 2.0)
      rspec-support (~> 3.12.0)
    rspec-mocks (3.12.5)
      diff-lcs (>= 1.2.0, < 2.0)
      rspec-support (~> 3.12.0)
    rspec-support (3.12.0)
    ruby-progressbar (1.13.0)
    ruby_rncryptor (3.0.2)
    rubyzip (2.3.2)
    sorbet-runtime (0.5.10773)
    thor (1.2.1)
    thread_safe (0.3.6)
    timecop (0.9.6)
    tzinfo (1.2.11)
      thread_safe (~> 0.1)
    unf (0.1.4)
      unf_ext
    unf_ext (0.0.8.2)
    vcr (6.1.0)
    webmock (3.18.1)
      addressable (>= 2.8.0)
      crack (>= 0.3.2)
      hashdiff (>= 0.4.0, < 2.0.0)
    webrick (1.8.1)
    workato-connector-sdk (1.3.3)
      activesupport (~> 5.2)
      aws-sigv4 (= 1.2.4)
      bundler (~> 2.0)
      charlock_holmes (= 0.7.7)
      em-http-request (~> 1.0)
      gyoku (= 1.3.1)
      i18n (= 0.9.5)
      jwt (= 1.5.6)
      launchy (~> 2.0)
      net-http-digest_auth (= 1.4.0)
      nokogiri (>= 1.13.10, < 1.15)
      rack (~> 2.0)
      rails-html-sanitizer (~> 1.4.3)
      rest-client (= 2.1.0)
      ruby-progressbar (~> 1.0)
      ruby_rncryptor (~> 3.0)
      rubyzip (~> 2.3)
      sorbet-runtime (~> 0.5)
      thor (~> 1.0)
      webrick (~> 1.0)

PLATFORMS
  ruby

DEPENDENCIES
  byebug
  rspec
  timecop
  tzinfo-data
  vcr
  webmock
  workato-connector-sdk

BUNDLED WITH
   2.3.7
